GEM
  remote: http://ruby.taobao.org/
  specs:
    activemodel (3.2.8)
      activesupport (= 3.2.8)
      builder (~> 3.0.0)
    activesupport (3.2.8)
      i18n (~> 0.6)
      multi_json (~> 1.0)
    builder (3.0.4)
    i18n (0.6.1)
    mongoid (3.0.13)
      activemodel (~> 3.1)
      moped (~> 1.1)
      origin (~> 1.0)
      tzinfo (~> 0.3.22)
    moped (1.2.9)
    multi_json (1.5.0)
    origin (1.0.10)
    redis (3.0.2)
    tzinfo (0.3.35)

PLATFORMS
  ruby

DEPENDENCIES
  activesupport (~> 3.2.8)
  mongoid (~> 3.0.0)
  redis (~> 3.0.0)
