GEM
  remote: http://ruby.taobao.org/
  specs:
    activemodel (3.2.8)
      activesupport (= 3.2.8)
      builder (~> 3.0.0)
    activesupport (3.2.8)
      i18n (~> 0.6)
      multi_json (~> 1.0)
    builder (3.0.4)
    diff-lcs (1.1.3)
    i18n (0.6.1)
    mongoid (3.0.13)
      activemodel (~> 3.1)
      moped (~> 1.1)
      origin (~> 1.0)
      tzinfo (~> 0.3.22)
    moped (1.2.9)
    multi_json (1.5.0)
    origin (1.0.10)
    redis (3.0.2)
    rspec (2.12.0)
      rspec-core (~> 2.12.0)
      rspec-expectations (~> 2.12.0)
      rspec-mocks (~> 2.12.0)
    rspec-core (2.12.2)
    rspec-expectations (2.12.1)
      diff-lcs (~> 1.1.3)
    rspec-mocks (2.12.1)
    spork (1.0.0rc3)
    tzinfo (0.3.35)

PLATFORMS
  ruby

DEPENDENCIES
  activesupport (~> 3.2.8)
  mongoid (~> 3.0.0)
  redis (~> 3.0.0)
  rspec (~> 2.12)
  spork
